PATH
  remote: .
  specs:
    axi_tdl (0.0.10)

GEM
  remote: https://rubygems.org/
  specs:
    coderay (1.1.3)
    method_source (1.0.0)
    minitest (5.14.3)
    pry (0.14.0)
      coderay (~> 1.1)
      method_source (~> 1.0)
    rake (10.5.0)

PLATFORMS
  ruby

DEPENDENCIES
  axi_tdl!
  bundler (~> 1.16)
  minitest
  pry
  rake (~> 10.0)

BUNDLED WITH
   1.17.3
